GEM
  remote: http://rubygems.org/
  specs:
    blankslate (3.1.3)
    cantor (1.2.1)
    diff-lcs (1.3)
    rake (12.0.0)
    rcov (0.9.11)
    redcarpet (3.3.4)
    rspec (3.5.0)
      rspec-core (~> 3.5.0)
      rspec-expectations (~> 3.5.0)
      rspec-mocks (~> 3.5.0)
    rspec-collection_matchers (1.1.3)
      rspec-expectations (>= 2.99.0.beta1)
    rspec-core (3.5.4)
      rspec-support (~> 3.5.0)
    rspec-expectations (3.5.0)
      diff-lcs (>= 1.2.0, < 2.0)
      rspec-support (~> 3.5.0)
    rspec-mocks (3.5.0)
      diff-lcs (>= 1.2.0, < 2.0)
      rspec-support (~> 3.5.0)
    rspec-support (3.5.0)
    term-ansicolor (1.6.0)
      tins (~> 1.0)
    tins (1.14.0)
    yard (0.9.20)

PLATFORMS
  ruby

DEPENDENCIES
  blankslate
  cantor (~> 1.2.1)
  rake
  rcov (~> 0.9.9)
  redcarpet (~> 3.3.4)
  rspec (= 3.5.0)
  rspec-collection_matchers
  term-ansicolor
  yard (~> 0.9.20)

BUNDLED WITH
   1.13.6
